GEM
  remote: http://rubygems.org/
  specs:
    actionmailer (2.3.14)
      actionpack (= 2.3.14)
    actionpack (2.3.14)
      activesupport (= 2.3.14)
      rack (~> 1.1.0)
    activerecord (2.3.14)
      activesupport (= 2.3.14)
    activeresource (2.3.14)
      activesupport (= 2.3.14)
    activesupport (2.3.14)
    coffee-script (2.2.0)
      coffee-script-source
      execjs
    coffee-script-source (1.2.0)
    daemon_controller (1.0.0)
    execjs (1.3.0)
      multi_json (~> 1.0)
    fastthread (1.0.7)
    ip (0.2.2)
    jsmin (1.0.1)
    json (1.6.6)
    libv8 (3.3.10.4)
    multi_json (1.2.0)
    net-ldap (0.3.1)
    passenger (3.0.12)
      daemon_controller (>= 0.2.5)
      fastthread (>= 1.0.1)
      rack
      rake (>= 0.8.1)
    rack (1.1.3)
    rails (2.3.14)
      actionmailer (= 2.3.14)
      actionpack (= 2.3.14)
      activerecord (= 2.3.14)
      activeresource (= 2.3.14)
      activesupport (= 2.3.14)
      rake (>= 0.8.3)
    rake (0.9.2.2)
    searchlogic (2.5.8)
      activerecord (~> 2.3.12)
      activerecord (~> 2.3.12)
    sqlite3 (1.3.5)
    therubyracer (0.10.0)
      libv8 (~> 3.3.10)
    will_paginate (2.3.16)

PLATFORMS
  ruby

DEPENDENCIES
  coffee-script
  ip
  jsmin
  json
  net-ldap
  passenger
  rails (~> 2.3.14)
  searchlogic
  sqlite3
  therubyracer
  will_paginate (~> 2.3.16)
